GEM
  remote: https://rubygems.org/
  specs:
    bindata (2.4.10)
    ipaddr (1.2.2)
    openssl (2.1.2)
      ipaddr

PLATFORMS
  ruby

DEPENDENCIES
  bindata
  openssl

BUNDLED WITH
   2.1.2
