GEM
  remote: https://rubygems.org/
  specs:
    amq-protocol (2.3.2)
    bindata (2.4.8)
    bunny (2.15.0)
      amq-protocol (~> 2.3, >= 2.3.1)
    openssl (2.2.0)

PLATFORMS
  ruby

DEPENDENCIES
  bindata
  bunny
  openssl

BUNDLED WITH
   2.1.2
